GIT
  remote: git@github.com:connamara/cuke_mem.git
  revision: 960db2cdceeee0907be6eaab6c46b139633438fb
  tag: v0.1.0
  specs:
    cuke_mem (0.1.0)
      cucumber

GEM
  remote: http://rubygems.org/
  specs:
    builder (3.0.0)
    ci_reporter (1.7.0)
      builder (>= 2.1.2)
    cucumber (1.1.9)
      builder (>= 2.1.2)
      diff-lcs (>= 1.1.2)
      gherkin (~> 2.9.0)
      json (>= 1.4.6)
      term-ansicolor (>= 1.0.6)
    diff-lcs (1.1.3)
    gherkin (2.9.0)
      json (>= 1.4.6)
    gherkin (2.9.0-java)
      json (>= 1.4.6)
    git (1.2.5)
    jeweler (1.8.3)
      bundler (~> 1.0)
      git (>= 1.2.5)
      rake
      rdoc
    json (1.6.5)
    json (1.6.5-java)
    json_spec (1.0.3)
      multi_json (~> 1.0)
      rspec (~> 2.0)
    multi_json (1.3.5)
    rake (0.9.2)
    rdoc (3.12)
      json (~> 1.4)
    rspec (2.8.0)
      rspec-core (~> 2.8.0)
      rspec-expectations (~> 2.8.0)
      rspec-mocks (~> 2.8.0)
    rspec-core (2.8.0)
    rspec-expectations (2.8.0)
      diff-lcs (~> 1.1.2)
    rspec-mocks (2.8.0)
    ruby_protobuf (0.4.11)
    term-ansicolor (1.0.7)

PLATFORMS
  java
  ruby

DEPENDENCIES
  bundler (~> 1)
  ci_reporter
  cucumber
  cuke_mem!
  jeweler (~> 1.8.3)
  json_spec (~> 1.0.3)
  rake (~> 0.9)
  rspec (~> 2.8.0)
  ruby_protobuf
