GEM
  remote: http://rubygems.org/
  specs:
    addressable (2.3.8)
    builder (3.2.2)
    cucumber (1.3.6)
      builder (>= 2.1.2)
      diff-lcs (>= 1.1.3)
      gherkin (~> 2.12.0)
      multi_json (~> 1.7.5)
      multi_test (>= 0.0.2)
    cuke_mem (0.1.1)
      cucumber (~> 1.3)
    diff-lcs (1.2.4)
    faraday (0.8.9)
      multipart-post (~> 1.2.0)
    gherkin (2.12.1)
      multi_json (~> 1.3)
    git (1.2.9.1)
    github_api (0.10.1)
      addressable
      faraday (~> 0.8.1)
      hashie (>= 1.2)
      multi_json (~> 1.4)
      nokogiri (~> 1.5.2)
      oauth2
    hashie (3.4.1)
    highline (1.7.2)
    jeweler (1.8.8)
      builder
      bundler (~> 1.0)
      git (>= 1.2.5)
      github_api (= 0.10.1)
      highline (>= 1.6.15)
      nokogiri (= 1.5.10)
      rake
      rdoc
    json (1.8.2)
    json_spec (1.1.1)
      multi_json (~> 1.0)
      rspec (~> 2.0)
    jwt (1.4.1)
    multi_json (1.7.9)
    multi_test (0.0.2)
    multi_xml (0.5.5)
    multipart-post (1.2.0)
    nokogiri (1.5.10)
    oauth2 (1.0.0)
      faraday (>= 0.8, < 0.10)
      jwt (~> 1.0)
      multi_json (~> 1.3)
      multi_xml (~> 0.5)
      rack (~> 1.2)
    rack (1.6.1)
    rake (10.1.0)
    rdoc (4.2.0)
      json (~> 1.4)
    rspec (2.14.1)
      rspec-core (~> 2.14.0)
      rspec-expectations (~> 2.14.0)
      rspec-mocks (~> 2.14.0)
    rspec-core (2.14.5)
    rspec-expectations (2.14.2)
      diff-lcs (>= 1.1.3, < 2.0)
    rspec-mocks (2.14.3)
    ruby_protobuf (0.4.11)

PLATFORMS
  ruby

DEPENDENCIES
  cucumber (~> 1.3)
  cuke_mem (~> 0.1.1)
  jeweler (~> 1.8.8)
  json_spec (~> 1.1.1)
  rake (~> 10.1)
  rspec (~> 2.14)
  ruby_protobuf (~> 0.4.11)
